GEM
  remote: https://rubygems.org/
  specs:
    iStats (1.4.0)
      parseconfig (~> 1.0)
      sparkr (~> 0.4)
    parseconfig (1.0.8)
    sparkr (0.4.1)

PLATFORMS
  ruby

DEPENDENCIES
  iStats

BUNDLED WITH
   1.15.1
